GEM
  remote: https://rubygems.org/
  specs:
    actionview (6.0.3.2)
      activesupport (= 6.0.3.2)
      builder (~> 3.1)
      erubi (~> 1.4)
      rails-dom-testing (~> 2.0)
      rails-html-sanitizer (~> 1.1, >= 1.2.0)
    activesupport (6.0.3.2)
      concurrent-ruby (~> 1.0, >= 1.0.2)
      i18n (>= 0.7, < 2)
      minitest (~> 5.1)
      tzinfo (~> 1.1)
      zeitwerk (~> 2.2, >= 2.2.2)
    backports (3.17.0)
    builder (3.2.4)
    byebug (11.0.1)
    colorize (0.8.1)
    concurrent-ruby (1.1.6)
    crass (1.0.6)
    daru (0.2.2)
      backports
      packable (~> 1.3.9)
    daru-data_tables (0.3.5)
      daru
    daru-view (0.2.5)
      actionview
      daru
      daru-data_tables
      google_visualr
      lazy_high_charts
      nyaplot
      thor
    erubi (1.9.0)
    google_visualr (2.5.1)
    googlecharts (1.6.12)
    hash-deep-merge (0.1.1)
    httparty (0.18.0)
      mime-types (~> 3.0)
      multi_xml (>= 0.5.2)
    i18n (1.8.3)
      concurrent-ruby (~> 1.0)
    lazy_high_charts (1.5.8)
      hash-deep-merge
    loofah (2.6.0)
      crass (~> 1.0.2)
      nokogiri (>= 1.5.9)
    mime-types (3.3.1)
      mime-types-data (~> 3.2015)
    mime-types-data (3.2019.1009)
    mini_portile2 (2.4.0)
    minitest (5.14.1)
    multi_xml (0.6.0)
    nokogiri (1.10.9)
      mini_portile2 (~> 2.4.0)
    nyaplot (0.1.6)
    packable (1.3.10)
      backports
    pandas (0.3.2)
      pycall (>= 1.0.0)
    power_assert (1.1.6)
    pycall (1.3.0)
    rails-dom-testing (2.0.3)
      activesupport (>= 4.2.0)
      nokogiri (>= 1.6)
    rails-html-sanitizer (1.3.0)
      loofah (~> 2.3)
    test-unit (3.3.5)
      power_assert
    thor (1.0.1)
    thread_safe (0.3.6)
    tty-font (0.5.0)
    tzinfo (1.2.7)
      thread_safe (~> 0.1)
    zeitwerk (2.3.1)

PLATFORMS
  ruby

DEPENDENCIES
  byebug
  colorize (~> 0.8.1)
  daru (~> 0.2.2)
  daru-view (~> 0.2.5)
  googlecharts (~> 1.6)
  httparty
  nokogiri
  pandas
  test-unit (~> 3.3)
  tty-font (~> 0.5.0)

BUNDLED WITH
   2.1.4
